GEM
  remote: http://rubygems.org/
  specs:
    RubyInline (3.8.6)
      ZenTest (~> 4.3)
    ZenTest (4.4.0)
    abstract (1.0.0)
    actionmailer (2.3.5)
      actionpack (= 2.3.5)
    actionpack (2.3.5)
      activesupport (= 2.3.5)
      rack (~> 1.0.0)
    activerecord (2.3.5)
      activesupport (= 2.3.5)
    activeresource (2.3.5)
      activesupport (= 2.3.5)
    activesupport (2.3.5)
    addressable (2.2.2)
    columnize (0.3.1)
    crack (0.1.8)
    erubis (2.6.6)
      abstract (>= 1.0.0)
    fleakr (0.6.3)
      activesupport (>= 2.0)
      hpricot (>= 0.6.164)
      loggable (>= 0.2.0)
    grackle (0.1.10)
      json
      mime-types
      oauth
    hpricot (0.8.2)
    json (1.4.6)
    linecache (0.43)
    loggable (0.3.0)
    memcache-client (1.8.5)
    mime-types (1.16)
    oauth (0.4.4)
    pg (0.10.1)
    rack (1.0.1)
    rails (2.3.5)
      actionmailer (= 2.3.5)
      actionpack (= 2.3.5)
      activerecord (= 2.3.5)
      activeresource (= 2.3.5)
      activesupport (= 2.3.5)
      rake (>= 0.8.3)
    rake (0.8.7)
    ruby-debug (0.10.3)
      columnize (>= 0.1)
      ruby-debug-base (~> 0.10.3.0)
    ruby-debug-base (0.10.3)
      linecache (>= 0.3)
    system_timer (1.0)
    term_extraction (0.1.7)
      crack (>= 0.1.6)

PLATFORMS
  ruby

DEPENDENCIES
  RubyInline
  ZenTest
  addressable
  erubis
  fleakr
  grackle
  memcache-client
  pg
  rails (= 2.3.5)
  ruby-debug
  system_timer
  term_extraction
